{
	"Modality": "MR",
	"MagneticFieldStrength": 3,
	"ImagingFrequency": 123.259375,
	"Manufacturer": "Siemens",
	"ManufacturersModelName": "TrioTim",
	"InstitutionName": "anon",
	"InstitutionalDepartmentName": "Department",
	"InstitutionAddress": "anon",
	"DeviceSerialNumber": "35201",
	"StationName": "MRC35201",
	"PatientPosition": "HFS",
	"ProcedureStepDescription": "MR-EI Neuro",
	"SoftwareVersions": "syngo MR B17",
	"MRAcquisitionType": "2D",
	"SeriesDescription": "SMS2_Diff_PA",
	"ProtocolName": "SMS2_Diff_PA",
	"ScanningSequence": "EP",
	"SequenceVariant": "SK\\SP",
	"ScanOptions": "PFP\\FS",
	"SequenceName": "ep_b0",
	"ImageType": ["ORIGINAL", "PRIMARY", "DIFFUSION", "NONE", "ND", "NORM"],
	"NonlinearGradientCorrection": false,
	"SeriesNumber": 7,
	"AcquisitionNumber": 1,
	"SliceThickness": 2,
	"SpacingBetweenSlices": 2,
	"SAR": 0.517519,
	"EchoTime": 0.088,
	"RepetitionTime": 4.2,
	"SpoilingState": true,
	"FlipAngle": 90,
	"CoilString": "C:HEA;HEP",
	"PercentPhaseFOV": 100,
	"PercentSampling": 100,
	"PhaseEncodingSteps": 78,
	"AcquisitionMatrixPE": 90,
	"ReconMatrixPE": 90,
	"BandwidthPerPixelPhaseEncode": 30.864,
	"ParallelReductionFactorInPlane": 2,
	"EffectiveEchoSpacing": 0.000360002,
	"DerivedVendorReportedEchoSpacing": 0.000720005,
	"TotalReadoutTime": 0.0320402,
	"PixelBandwidth": 1634,
	"PhaseEncodingDirection": "j",
	"SliceTiming": [
		4.21875,
		0,
		4.33594,
		0.11719,
		4.46094,
		0.24219,
		4.57812,
		0.35938,
		4.70312,
		0.47656,
		4.82031,
		0.60156,
		4.9375,
		0.71875,
		5.0625,
		0.84375,
		5.17969,
		0.96094,
		5.30469,
		1.08594,
		5.42188,
		1.20312,
		5.53906,
		1.32812,
		5.66406,
		1.44531,
		5.78125,
		1.5625,
		5.90625,
		1.6875,
		6.02344,
		1.80469,
		6.14844,
		1.92969,
		6.26562,
		2.04688,
		6.38281,
		2.16406,
		6.50781,
		2.28906,
		6.625,
		2.40625,
		6.75,
		2.53125,
		6.86719,
		2.64844,
		6.98438,
		2.77344,
		7.10938,
		2.89062,
		7.22656,
		3.01562,
		7.35156,
		3.13281,
		7.46875,
		3.25,
		7.58594,
		3.375,
		7.71094,
		3.49219,
		7.83594,
		3.61719,
		7.95312,
		3.73438,
		8.07031,
		3.85156,
		8.19531,
		3.97656,
		8.3125,
		4.09375	],
	"ImageOrientationPatientDICOM": [
		0.930943,
		0.314594,
		-0.185406,
		-0.364833,
		0.779676,
		-0.508923	],
	"ImageOrientationText": "Tra>Cor(-32.8)>Sag(0.9)",
	"InPlanePhaseEncodingDirectionDICOM": "COL",
	"ConversionSoftware": "dcm2niix",
	"ConversionSoftwareVersion": "v1.0.20230411"
}
