{
	"Modality": "MR",
	"MagneticFieldStrength": 3,
	"ImagingFrequency": 123.259243,
	"Manufacturer": "Siemens",
	"ManufacturersModelName": "TrioTim",
	"InstitutionName": "anon",
	"InstitutionalDepartmentName": "Department",
	"InstitutionAddress": "anon",
	"DeviceSerialNumber": "35201",
	"StationName": "MRC35201",
	"PatientPosition": "HFS",
	"ProcedureStepDescription": "MR-EI Neuro",
	"SoftwareVersions": "syngo MR B17",
	"MRAcquisitionType": "2D",
	"SeriesDescription": "SMS2_Diff_PA",
	"ProtocolName": "SMS2_Diff_PA",
	"ScanningSequence": "EP",
	"SequenceVariant": "SK\\SP",
	"ScanOptions": "PFP\\FS",
	"SequenceName": "ep_b0",
	"ImageType": ["ORIGINAL", "PRIMARY", "DIFFUSION", "NONE", "ND", "NORM"],
	"NonlinearGradientCorrection": false,
	"SeriesNumber": 6,
	"AcquisitionNumber": 1,
	"ImageComments": "32 CH HEAD COIL",
	"SliceThickness": 2,
	"SpacingBetweenSlices": 2,
	"SAR": 0.528225,
	"EchoTime": 0.088,
	"RepetitionTime": 3.8,
	"SpoilingState": true,
	"FlipAngle": 90,
	"CoilString": "C:HEA;HEP",
	"PercentPhaseFOV": 100,
	"PercentSampling": 100,
	"PhaseEncodingSteps": 78,
	"AcquisitionMatrixPE": 90,
	"ReconMatrixPE": 90,
	"BandwidthPerPixelPhaseEncode": 30.864,
	"ParallelReductionFactorInPlane": 2,
	"EffectiveEchoSpacing": 0.000360002,
	"DerivedVendorReportedEchoSpacing": 0.000720005,
	"TotalReadoutTime": 0.0320402,
	"PixelBandwidth": 1634,
	"PhaseEncodingDirection": "j",
	"SliceTiming": [
		3.75,
		0,
		3.85938,
		0.125,
		3.98438,
		0.25,
		4.10938,
		0.375,
		4.23438,
		0.48438,
		4.34375,
		0.60938,
		4.46875,
		0.73438,
		4.59375,
		0.85938,
		4.70312,
		0.96875,
		4.82812,
		1.09375,
		4.95312,
		1.21875,
		5.0625,
		1.32812,
		5.1875,
		1.45312,
		5.3125,
		1.57812,
		5.4375,
		1.6875,
		5.54688,
		1.8125,
		5.67188,
		1.9375,
		5.79688,
		2.0625,
		5.92188,
		2.17188,
		6.03125,
		2.29688,
		6.15625,
		2.42188,
		6.28125,
		2.54688,
		6.39062,
		2.65625,
		6.51562,
		2.78125,
		6.64062,
		2.90625,
		6.75,
		3.01562,
		6.875,
		3.14062,
		7,
		3.26562,
		7.125,
		3.375,
		7.23438,
		3.5,
		7.35938,
		3.625	],
	"ImageOrientationPatientDICOM": [
		0.996157,
		0.0871856,
		0.00838871,
		-0.0871525,
		0.996186,
		-0.00423821	],
	"ImageOrientationText": "Tra>Sag(0.5)>Cor(-0.2)",
	"InPlanePhaseEncodingDirectionDICOM": "COL",
	"ConversionSoftware": "dcm2niix",
	"ConversionSoftwareVersion": "v1.0.20230411"
}
