{
	"Modality": "MR",
	"MagneticFieldStrength": 3,
	"ImagingFrequency": 123.222712,
	"Manufacturer": "Siemens",
	"ManufacturersModelName": "Skyra",
	"InstitutionName": "anon",
	"InstitutionalDepartmentName": "Department",
	"InstitutionAddress": "anon",
	"DeviceSerialNumber": "45479",
	"StationName": "BINN7SKY",
	"BodyPartExamined": "BRAIN",
	"PatientPosition": "HFS",
	"ProcedureStepDescription": "MR Experimental Imaging (EI)",
	"SoftwareVersions": "syngo MR E11",
	"MRAcquisitionType": "2D",
	"SeriesDescription": "SMS2_DTI_PA",
	"ProtocolName": "SMS2_DTI_PA",
	"ScanningSequence": "EP",
	"SequenceVariant": "SK\\SP",
	"ScanOptions": "PFP\\FS",
	"SequenceName": "ep_b0",
	"ImageType": ["ORIGINAL", "PRIMARY", "DIFFUSION", "NONE", "ND", "NORM"],
	"NonlinearGradientCorrection": false,
	"SeriesNumber": 13,
	"AcquisitionNumber": 1,
	"SliceThickness": 2,
	"SpacingBetweenSlices": 2,
	"SAR": 0.830612,
	"EchoTime": 0.088,
	"RepetitionTime": 4.6,
	"SpoilingState": true,
	"FlipAngle": 90,
	"CoilString": "HC3-7;NC1",
	"PartialFourier": 0.433333,
	"MultibandAccelerationFactor": 2,
	"PercentPhaseFOV": 100,
	"PercentSampling": 100,
	"EchoTrainLength": 39,
	"PhaseEncodingSteps": 78,
	"AcquisitionMatrixPE": 90,
	"ReconMatrixPE": 90,
	"BandwidthPerPixelPhaseEncode": 33.67,
	"EffectiveEchoSpacing": 0.00033,
	"DerivedVendorReportedEchoSpacing": 0.00033,
	"TotalReadoutTime": 0.02937,
	"PixelBandwidth": 1790,
	"PhaseEncodingDirection": "j-",
	"SliceTiming": [
		3.375,
		0,
		2.28125,
		0.10938,
		2.40625,
		0.23438,
		2.53125,
		0.35938,
		2.64062,
		0.46875,
		2.76562,
		0.59375,
		2.89062,
		0.71875,
		3.01562,
		0.84375,
		3.125,
		0.95312,
		3.25,
		1.20312,
		3.48438,
		1.32812,
		3.60938,
		1.4375,
		3.73438,
		1.5625,
		3.84375,
		1.6875,
		3.96875,
		1.79688,
		4.09375,
		1.92188,
		4.21875,
		2.04688,
		4.32812,
		2.15625,
		4.45312,
		1.07812,
		3.375,
		0,
		2.28125,
		0.10938,
		2.40625,
		0.23438,
		2.53125,
		0.35938,
		2.64062,
		0.46875,
		2.76562,
		0.59375,
		2.89062,
		0.71875,
		3.01562,
		0.84375,
		3.125,
		0.95312,
		3.25,
		1.20312,
		3.48438,
		1.32812,
		3.60938,
		1.4375,
		3.73438,
		1.5625,
		3.84375,
		1.6875,
		3.96875,
		1.79688,
		4.09375,
		1.92188,
		4.21875,
		2.04688,
		4.32812,
		2.15625,
		4.45312,
		1.07812	],
	"ImageOrientationPatientDICOM": [
		0.954441,
		0.295247,
		-0.0432709,
		-0.286346,
		0.865403,
		-0.411197	],
	"ImageOrientationText": "Tra>Cor(-24.0)>Sag(4.8)",
	"InPlanePhaseEncodingDirectionDICOM": "COL",
	"ConversionSoftware": "dcm2niix",
	"ConversionSoftwareVersion": "v1.0.20230411"
}
