{
	"Modality": "MR",
	"MagneticFieldStrength": 3,
	"ImagingFrequency": 123.24574,
	"Manufacturer": "Siemens",
	"ManufacturersModelName": "Prisma_fit",
	"InstitutionName": "CBS Neuroimaging",
	"InstitutionalDepartmentName": "Department",
	"InstitutionAddress": "Oxford 52,Cambridge,MA,US,02138",
	"DeviceSerialNumber": "67056",
	"StationName": "AWP67056",
	"BodyPartExamined": "BRAIN",
	"PatientPosition": "HFS",
	"ProcedureStepDescription": "Investigators^Gaab",
	"SoftwareVersions": "syngo MR E11",
	"MRAcquisitionType": "2D",
	"SeriesDescription": "SMS2_DTI_PA",
	"ProtocolName": "SMS2_DTI_PA",
	"ScanningSequence": "EP",
	"SequenceVariant": "SK\\SP",
	"ScanOptions": "PFP\\FS",
	"SequenceName": "ep_b0",
	"ImageType": ["ORIGINAL", "PRIMARY", "DIFFUSION", "NONE", "ND", "NORM"],
	"NonlinearGradientCorrection": false,
	"SeriesNumber": 23,
	"AcquisitionTime": "12:05:58.432500",
	"AcquisitionNumber": 1,
	"SliceThickness": 2,
	"SpacingBetweenSlices": 2,
	"SAR": 0.630572,
	"EchoTime": 0.089,
	"RepetitionTime": 4.4,
	"SpoilingState": true,
	"FlipAngle": 90,
	"PartialFourier": 0.875,
	"BaseResolution": 108,
	"ShimSetting": [
		215,
		4406,
		6136,
		419,
		177,
		-145,
		193,
		-85	],
	"DiffusionScheme": "Bipolar",
	"TxRefAmp": 220.523,
	"PhaseResolution": 1,
	"ReceiveCoilName": "Head_32",
	"ReceiveCoilActiveElements": "HEA;HEP",
	"PulseSequenceDetails": "%CustomerSeq%\\ep2d_diff_sms_abcd",
	"WipMemBlock": "046a0d3d-6077-4f8c-a532-6814a63ce87a",
	"RefLinesPE": 32,
	"CoilCombinationMethod": "Adaptive Combine",
	"ConsistencyInfo": "N4_VE11C_LATEST_20160120",
	"MultibandAccelerationFactor": 2,
	"PercentPhaseFOV": 100,
	"PercentSampling": 100,
	"EchoTrainLength": 46,
	"PhaseEncodingSteps": 93,
	"AcquisitionMatrixPE": 108,
	"ReconMatrixPE": 108,
	"BandwidthPerPixelPhaseEncode": 26.838,
	"ParallelReductionFactorInPlane": 2,
	"EffectiveEchoSpacing": 0.000345006,
	"DerivedVendorReportedEchoSpacing": 0.000690011,
	"TotalReadoutTime": 0.0369156,
	"PixelBandwidth": 1655,
	"DwellTime": 2.8e-06,
	"PhaseEncodingDirection": "j",
	"SliceTiming": [
		2.125,
		0,
		2.25,
		0.125,
		2.375,
		0.25,
		2.50781,
		0.375,
		2.63281,
		0.5,
		2.75781,
		0.625,
		2.88281,
		0.75,
		3.00781,
		0.875,
		3.13281,
		1,
		3.25781,
		1.125,
		3.38281,
		1.25,
		3.50781,
		1.375,
		3.63281,
		1.5,
		3.75781,
		1.625,
		3.88281,
		1.75,
		4.00781,
		1.875,
		4.13281,
		2,
		4.25781,
		2.125,
		0,
		2.25,
		0.125,
		2.375,
		0.25,
		2.50781,
		0.375,
		2.63281,
		0.5,
		2.75781,
		0.625,
		2.88281,
		0.75,
		3.00781,
		0.875,
		3.13281,
		1,
		3.25781,
		1.125,
		3.38281,
		1.25,
		3.50781,
		1.375,
		3.63281,
		1.5,
		3.75781,
		1.625,
		3.88281,
		1.75,
		4.00781,
		1.875,
		4.13281,
		2,
		4.25781	],
	"ImageOrientationPatientDICOM": [
		0.997667,
		0.0652836,
		0.0199585,
		-0.0680141,
		0.97566,
		0.208475	],
	"ImageOrientationText": "Tra>Cor(12.1)>Sag(0.3)",
	"InPlanePhaseEncodingDirectionDICOM": "COL",
	"ConversionSoftware": "dcm2niix",
	"ConversionSoftwareVersion": "v1.0.20230411"
}
