{
	"Modality": "MR",
	"MagneticFieldStrength": 3,
	"ImagingFrequency": 123.245996,
	"Manufacturer": "Siemens",
	"ManufacturersModelName": "Prisma_fit",
	"InstitutionName": "CBS Neuroimaging",
	"InstitutionalDepartmentName": "Department",
	"InstitutionAddress": "Oxford 52,Cambridge,MA,US,02138",
	"DeviceSerialNumber": "67056",
	"StationName": "AWP67056",
	"BodyPartExamined": "BRAIN",
	"PatientPosition": "HFS",
	"ProcedureStepDescription": "Investigators^Gaab",
	"SoftwareVersions": "syngo MR E11",
	"MRAcquisitionType": "2D",
	"SeriesDescription": "SMS2_DTI_PA",
	"ProtocolName": "SMS2_DTI_PA",
	"ScanningSequence": "EP",
	"SequenceVariant": "SK\\SP",
	"ScanOptions": "PFP\\FS",
	"SequenceName": "ep_b0",
	"ImageType": ["ORIGINAL", "PRIMARY", "DIFFUSION", "NONE", "ND", "NORM"],
	"NonlinearGradientCorrection": false,
	"SeriesNumber": 16,
	"AcquisitionTime": "20:02:0.475000",
	"AcquisitionNumber": 1,
	"SliceThickness": 2,
	"SpacingBetweenSlices": 2,
	"SAR": 0.624709,
	"EchoTime": 0.089,
	"RepetitionTime": 4.4,
	"SpoilingState": true,
	"FlipAngle": 90,
	"PartialFourier": 0.875,
	"BaseResolution": 108,
	"ShimSetting": [
		210,
		4484,
		6123,
		436,
		-149,
		0,
		254,
		28	],
	"DiffusionScheme": "Bipolar",
	"TxRefAmp": 218.291,
	"PhaseResolution": 1,
	"ReceiveCoilName": "Head_32",
	"ReceiveCoilActiveElements": "HEA;HEP",
	"PulseSequenceDetails": "%CustomerSeq%\\ep2d_diff_sms_abcd",
	"WipMemBlock": "d667e3d7-97af-494f-9081-8ee7ac7d227e",
	"RefLinesPE": 32,
	"CoilCombinationMethod": "Adaptive Combine",
	"ConsistencyInfo": "N4_VE11C_LATEST_20160120",
	"MultibandAccelerationFactor": 2,
	"PercentPhaseFOV": 100,
	"PercentSampling": 100,
	"EchoTrainLength": 46,
	"PhaseEncodingSteps": 93,
	"AcquisitionMatrixPE": 108,
	"ReconMatrixPE": 108,
	"BandwidthPerPixelPhaseEncode": 26.838,
	"ParallelReductionFactorInPlane": 2,
	"EffectiveEchoSpacing": 0.000345006,
	"DerivedVendorReportedEchoSpacing": 0.000690011,
	"TotalReadoutTime": 0.0369156,
	"PixelBandwidth": 1655,
	"DwellTime": 2.8e-06,
	"PhaseEncodingDirection": "j",
	"SliceTiming": [
		2.125,
		0,
		2.25,
		0.125,
		2.375,
		0.25,
		2.5,
		0.375,
		2.625,
		0.5,
		2.76562,
		0.625,
		2.89062,
		0.75,
		3.01562,
		0.875,
		3.14062,
		1,
		3.26562,
		1.125,
		3.39062,
		1.25,
		3.51562,
		1.375,
		3.64062,
		1.5,
		3.76562,
		1.625,
		3.89062,
		1.75,
		4.01562,
		1.875,
		4.14062,
		2,
		4.26562,
		2.125,
		0,
		2.25,
		0.125,
		2.375,
		0.25,
		2.5,
		0.375,
		2.625,
		0.5,
		2.76562,
		0.625,
		2.89062,
		0.75,
		3.01562,
		0.875,
		3.14062,
		1,
		3.26562,
		1.125,
		3.39062,
		1.25,
		3.51562,
		1.375,
		3.64062,
		1.5,
		3.76562,
		1.625,
		3.89062,
		1.75,
		4.01562,
		1.875,
		4.14062,
		2,
		4.26562	],
	"ImageOrientationPatientDICOM": [
		0.99814,
		0.0606671,
		0.00607172,
		-0.060874,
		0.986017,
		0.155129	],
	"ImageOrientationText": "Tra>Cor(8.9)>Sag(-0.2)",
	"InPlanePhaseEncodingDirectionDICOM": "COL",
	"ConversionSoftware": "dcm2niix",
	"ConversionSoftwareVersion": "v1.0.20230411"
}
