{
	"Modality": "MR",
	"MagneticFieldStrength": 3,
	"ImagingFrequency": 123.245733,
	"Manufacturer": "Siemens",
	"ManufacturersModelName": "TrioTim",
	"InstitutionName": "anon",
	"InstitutionalDepartmentName": "Department",
	"InstitutionAddress": "anon",
	"DeviceSerialNumber": "35235",
	"StationName": "MRC35235",
	"PatientPosition": "HFS",
	"ProcedureStepDescription": "MR Experimental Imaging (EI)",
	"SoftwareVersions": "syngo MR B17",
	"MRAcquisitionType": "2D",
	"SeriesDescription": "SMS2_Diff_PA",
	"ProtocolName": "SMS2_Diff_PA",
	"ScanningSequence": "EP",
	"SequenceVariant": "SK\\SP",
	"ScanOptions": "PFP\\FS",
	"SequenceName": "ep_b0",
	"ImageType": ["ORIGINAL", "PRIMARY", "DIFFUSION", "NONE", "ND", "NORM"],
	"NonlinearGradientCorrection": false,
	"SeriesNumber": 7,
	"AcquisitionNumber": 1,
	"SliceThickness": 2,
	"SpacingBetweenSlices": 2,
	"SAR": 0.575653,
	"EchoTime": 0.088,
	"RepetitionTime": 3.8,
	"SpoilingState": true,
	"FlipAngle": 90,
	"CoilString": "C:HEA;HEP",
	"PercentPhaseFOV": 100,
	"PercentSampling": 100,
	"PhaseEncodingSteps": 78,
	"AcquisitionMatrixPE": 90,
	"ReconMatrixPE": 90,
	"BandwidthPerPixelPhaseEncode": 31.746,
	"ParallelReductionFactorInPlane": 2,
	"EffectiveEchoSpacing": 0.00035,
	"DerivedVendorReportedEchoSpacing": 0.000700001,
	"TotalReadoutTime": 0.03115,
	"PixelBandwidth": 1634,
	"PhaseEncodingDirection": "j",
	"SliceTiming": [
		3.71875,
		0,
		3.84375,
		0.10938,
		3.95312,
		0.23438,
		4.07812,
		0.35938,
		4.20312,
		0.46875,
		4.3125,
		0.59375,
		4.4375,
		0.71875,
		4.5625,
		0.82812,
		4.67188,
		0.95312,
		4.79688,
		1.07812,
		4.92188,
		1.20312,
		5.03125,
		1.3125,
		5.15625,
		1.4375,
		5.28125,
		1.5625,
		5.39062,
		1.67188,
		5.51562,
		1.79688,
		5.64062,
		1.92188,
		5.75,
		2.03125,
		5.875,
		2.15625,
		6,
		2.28125,
		6.10938,
		2.39062,
		6.23438,
		2.51562,
		6.35938,
		2.64062,
		6.48438,
		2.75,
		6.59375,
		2.875,
		6.71875,
		3,
		6.84375,
		3.10938,
		6.95312,
		3.23438,
		7.07812,
		3.35938,
		7.20312,
		3.48438,
		7.3125,
		3.59375	],
	"ImageOrientationPatientDICOM": [
		0.992235,
		0.121382,
		-0.027123,
		-0.123589,
		0.986714,
		-0.105456	],
	"ImageOrientationText": "Tra>Cor(-6.2)>Sag(-0.8)",
	"InPlanePhaseEncodingDirectionDICOM": "COL",
	"ConversionSoftware": "dcm2niix",
	"ConversionSoftwareVersion": "v1.0.20230411"
}
