{
	"Modality": "MR",
	"MagneticFieldStrength": 3,
	"ImagingFrequency": 123.246146,
	"Manufacturer": "Siemens",
	"ManufacturersModelName": "Prisma_fit",
	"InstitutionName": "CBS Neuroimaging",
	"InstitutionalDepartmentName": "Department",
	"InstitutionAddress": "Oxford 52,Cambridge,MA,US,02138",
	"DeviceSerialNumber": "67056",
	"StationName": "AWP67056",
	"BodyPartExamined": "BRAIN",
	"PatientPosition": "HFS",
	"ProcedureStepDescription": "Investigators^Gaab",
	"SoftwareVersions": "syngo MR E11",
	"MRAcquisitionType": "2D",
	"SeriesDescription": "SMS2_DTI_PA",
	"ProtocolName": "SMS2_DTI_PA",
	"ScanningSequence": "EP",
	"SequenceVariant": "SK\\SP",
	"ScanOptions": "PFP\\FS",
	"SequenceName": "ep_b0",
	"ImageType": ["ORIGINAL", "PRIMARY", "DIFFUSION", "NONE", "ND", "NORM"],
	"NonlinearGradientCorrection": false,
	"SeriesNumber": 16,
	"AcquisitionTime": "17:10:47.455000",
	"AcquisitionNumber": 1,
	"SliceThickness": 2,
	"SpacingBetweenSlices": 2,
	"SAR": 0.705229,
	"EchoTime": 0.089,
	"RepetitionTime": 4.4,
	"SpoilingState": true,
	"FlipAngle": 90,
	"PartialFourier": 0.875,
	"BaseResolution": 108,
	"ShimSetting": [
		267,
		4419,
		6030,
		766,
		16,
		-100,
		246,
		6	],
	"DiffusionScheme": "Bipolar",
	"TxRefAmp": 221.462,
	"PhaseResolution": 1,
	"ReceiveCoilName": "Head_32",
	"ReceiveCoilActiveElements": "HEA;HEP",
	"PulseSequenceDetails": "%CustomerSeq%\\ep2d_diff_sms_abcd",
	"WipMemBlock": "d13709a6-8256-47b7-aced-3003d3868d56",
	"RefLinesPE": 32,
	"CoilCombinationMethod": "Adaptive Combine",
	"ConsistencyInfo": "N4_VE11C_LATEST_20160120",
	"MultibandAccelerationFactor": 2,
	"PercentPhaseFOV": 100,
	"PercentSampling": 100,
	"EchoTrainLength": 46,
	"PhaseEncodingSteps": 93,
	"AcquisitionMatrixPE": 108,
	"ReconMatrixPE": 108,
	"BandwidthPerPixelPhaseEncode": 26.838,
	"ParallelReductionFactorInPlane": 2,
	"EffectiveEchoSpacing": 0.000345006,
	"DerivedVendorReportedEchoSpacing": 0.000690011,
	"TotalReadoutTime": 0.0369156,
	"PixelBandwidth": 1655,
	"DwellTime": 2.8e-06,
	"PhaseEncodingDirection": "j",
	"SliceTiming": [
		2.125,
		0,
		2.25,
		0.125,
		2.375,
		0.25,
		2.5,
		0.375,
		2.625,
		0.5,
		2.75,
		0.625,
		2.875,
		0.75,
		3,
		0.875,
		3.125,
		1,
		3.25,
		1.125,
		3.375,
		1.25,
		3.5,
		1.375,
		3.625,
		1.5,
		3.75,
		1.625,
		3.875,
		1.75,
		4,
		1.875,
		4.125,
		2,
		4.25,
		2.125,
		0,
		2.25,
		0.125,
		2.375,
		0.25,
		2.5,
		0.375,
		2.625,
		0.5,
		2.75,
		0.625,
		2.875,
		0.75,
		3,
		0.875,
		3.125,
		1,
		3.25,
		1.125,
		3.375,
		1.25,
		3.5,
		1.375,
		3.625,
		1.5,
		3.75,
		1.625,
		3.875,
		1.75,
		4,
		1.875,
		4.125,
		2,
		4.25	],
	"ImageOrientationPatientDICOM": [
		0.997648,
		-0.0685396,
		-0.000231216,
		0.0671382,
		0.97656,
		0.204506	],
	"ImageOrientationText": "Tra>Cor(11.8)>Sag(0.8)",
	"InPlanePhaseEncodingDirectionDICOM": "COL",
	"ConversionSoftware": "dcm2niix",
	"ConversionSoftwareVersion": "v1.0.20230411"
}
