{
	"Modality": "MR",
	"MagneticFieldStrength": 3,
	"ImagingFrequency": 123.259086,
	"Manufacturer": "Siemens",
	"ManufacturersModelName": "TrioTim",
	"InstitutionName": "anon",
	"InstitutionalDepartmentName": "Department",
	"InstitutionAddress": "anon",
	"DeviceSerialNumber": "35201",
	"StationName": "MRC35201",
	"PatientPosition": "HFS",
	"ProcedureStepDescription": "MR Experimental Imaging (EI)",
	"SoftwareVersions": "syngo MR B17",
	"MRAcquisitionType": "2D",
	"SeriesDescription": "SMS2_Diff_PA",
	"ProtocolName": "SMS2_Diff_PA",
	"ScanningSequence": "EP",
	"SequenceVariant": "SK\\SP",
	"ScanOptions": "PFP\\FS",
	"SequenceName": "ep_b0",
	"ImageType": ["ORIGINAL", "PRIMARY", "DIFFUSION", "NONE", "ND", "NORM"],
	"NonlinearGradientCorrection": false,
	"SeriesNumber": 14,
	"AcquisitionNumber": 1,
	"ImageComments": "32 CHANNEL",
	"SliceThickness": 2,
	"SpacingBetweenSlices": 2,
	"SAR": 0.46297,
	"EchoTime": 0.089,
	"RepetitionTime": 4.4,
	"SpoilingState": true,
	"FlipAngle": 90,
	"PartialFourier": 0.875,
	"BaseResolution": 108,
	"ShimSetting": [
		2881,
		-17392,
		-15866,
		749,
		-101,
		367,
		401,
		94	],
	"DiffusionScheme": "Monopolar",
	"TxRefAmp": 330.817,
	"PhaseResolution": 1,
	"ReceiveCoilName": "32Ch_Head",
	"CoilString": "C:HEA;HEP",
	"PulseSequenceDetails": "%CustomerSeq%\\ep2d_diff_SliceAcc_v3",
	"RefLinesPE": 28,
	"CoilCombinationMethod": "Adaptive Combine",
	"MatrixCoilMode": "GRAPPA",
	"PercentPhaseFOV": 100,
	"PercentSampling": 100,
	"PhaseEncodingSteps": 93,
	"AcquisitionMatrixPE": 108,
	"ReconMatrixPE": 108,
	"BandwidthPerPixelPhaseEncode": 26.838,
	"ParallelReductionFactorInPlane": 2,
	"EffectiveEchoSpacing": 0.000345006,
	"DerivedVendorReportedEchoSpacing": 0.000690011,
	"TotalReadoutTime": 0.0369156,
	"PixelBandwidth": 1653,
	"PhaseEncodingDirection": "j",
	"SliceTiming": [
		4.32812,
		0,
		4.45312,
		0.125,
		4.57812,
		0.25,
		4.70312,
		0.375,
		4.82812,
		0.5,
		4.95312,
		0.625,
		5.0625,
		0.75,
		5.1875,
		0.875,
		5.3125,
		0.98438,
		5.4375,
		1.10938,
		5.5625,
		1.23438,
		5.6875,
		1.35938,
		5.8125,
		1.48438,
		5.9375,
		1.60938,
		6.0625,
		1.73438,
		6.1875,
		1.85938,
		6.3125,
		1.98438,
		6.42188,
		2.10938,
		6.54688,
		2.21875,
		6.67188,
		2.34375,
		6.79688,
		2.46875,
		6.92188,
		2.59375,
		7.04688,
		2.71875,
		7.17188,
		2.84375,
		7.29688,
		2.96875,
		7.42188,
		3.09375,
		7.54688,
		3.21875,
		7.65625,
		3.34375,
		7.78125,
		3.46875,
		7.90625,
		3.59375,
		8.03125,
		3.71875,
		8.15625,
		3.82812,
		8.28125,
		3.95312,
		8.40625,
		4.07812,
		8.53125,
		4.20312	],
	"ImageOrientationPatientDICOM": [
		0.999194,
		-0.040112,
		-0.00126057,
		0.0401318,
		0.998701,
		0.0313855	],
	"ImageOrientationText": "Tra>Cor(1.8)",
	"InPlanePhaseEncodingDirectionDICOM": "COL",
	"ConversionSoftware": "dcm2niix",
	"ConversionSoftwareVersion": "v1.0.20230411"
}
