{
	"Modality": "MR",
	"MagneticFieldStrength": 3,
	"ImagingFrequency": 123.259315,
	"Manufacturer": "Siemens",
	"ManufacturersModelName": "TrioTim",
	"InstitutionName": "anon",
	"InstitutionalDepartmentName": "Department",
	"InstitutionAddress": "anon",
	"DeviceSerialNumber": "35201",
	"StationName": "MRC35201",
	"PatientPosition": "HFS",
	"ProcedureStepDescription": "MR Experimental Imaging (EI)",
	"SoftwareVersions": "syngo MR B17",
	"MRAcquisitionType": "2D",
	"SeriesDescription": "SMS2_Diff_PA",
	"ProtocolName": "SMS2_Diff_PA",
	"ScanningSequence": "EP",
	"SequenceVariant": "SK\\SP",
	"ScanOptions": "PFP\\FS",
	"SequenceName": "ep_b0",
	"ImageType": ["ORIGINAL", "PRIMARY", "DIFFUSION", "NONE", "ND", "NORM"],
	"NonlinearGradientCorrection": false,
	"SeriesNumber": 19,
	"AcquisitionNumber": 1,
	"SliceThickness": 2,
	"SpacingBetweenSlices": 2,
	"SAR": 0.305378,
	"EchoTime": 0.089,
	"RepetitionTime": 4.4,
	"SpoilingState": true,
	"FlipAngle": 90,
	"CoilString": "C:HEA;HEP",
	"PercentPhaseFOV": 100,
	"PercentSampling": 100,
	"PhaseEncodingSteps": 93,
	"AcquisitionMatrixPE": 108,
	"ReconMatrixPE": 108,
	"BandwidthPerPixelPhaseEncode": 26.838,
	"ParallelReductionFactorInPlane": 2,
	"EffectiveEchoSpacing": 0.000345006,
	"DerivedVendorReportedEchoSpacing": 0.000690011,
	"TotalReadoutTime": 0.0369156,
	"PixelBandwidth": 1653,
	"PhaseEncodingDirection": "j",
	"SliceTiming": [
		4.32812,
		0,
		4.44531,
		0.125,
		4.57031,
		0.24219,
		4.69531,
		0.36719,
		4.82031,
		0.49219,
		4.94531,
		0.61719,
		5.0625,
		0.74219,
		5.1875,
		0.85938,
		5.3125,
		0.98438,
		5.4375,
		1.10938,
		5.5625,
		1.23438,
		5.67969,
		1.35938,
		5.80469,
		1.48438,
		5.92969,
		1.60156,
		6.05469,
		1.72656,
		6.17969,
		1.85156,
		6.30469,
		1.97656,
		6.42188,
		2.10156,
		6.54688,
		2.21875,
		6.67188,
		2.34375,
		6.79688,
		2.46875,
		6.92188,
		2.59375,
		7.03906,
		2.71875,
		7.16406,
		2.83594,
		7.28906,
		2.96094,
		7.41406,
		3.08594,
		7.53906,
		3.21094,
		7.65625,
		3.33594,
		7.78125,
		3.46094,
		7.90625,
		3.57812,
		8.03125,
		3.70312,
		8.15625,
		3.82812,
		8.27344,
		3.95312,
		8.39844,
		4.07812,
		8.52344,
		4.20312	],
	"ImageOrientationPatientDICOM": [
		1,
		0,
		0,
		0,
		1,
		0	],
	"ImageOrientationText": "Tra",
	"InPlanePhaseEncodingDirectionDICOM": "COL",
	"ConversionSoftware": "dcm2niix",
	"ConversionSoftwareVersion": "v1.0.20230411"
}
