{
	"Modality": "MR",
	"MagneticFieldStrength": 3,
	"ImagingFrequency": 123.246101,
	"Manufacturer": "Siemens",
	"ManufacturersModelName": "Prisma_fit",
	"InstitutionName": "CBS Neuroimaging",
	"InstitutionalDepartmentName": "Department",
	"InstitutionAddress": "Oxford 52,Cambridge,MA,US,02138",
	"DeviceSerialNumber": "67056",
	"StationName": "AWP67056",
	"BodyPartExamined": "BRAIN",
	"PatientPosition": "HFS",
	"ProcedureStepDescription": "Investigators^Gaab",
	"SoftwareVersions": "syngo MR E11",
	"MRAcquisitionType": "2D",
	"SeriesDescription": "SMS2_DTI_PA",
	"ProtocolName": "SMS2_DTI_PA",
	"ScanningSequence": "EP",
	"SequenceVariant": "SK\\SP",
	"ScanOptions": "PFP\\FS",
	"SequenceName": "ep_b0",
	"ImageType": ["ORIGINAL", "PRIMARY", "DIFFUSION", "NONE", "ND", "NORM"],
	"NonlinearGradientCorrection": false,
	"SeriesNumber": 34,
	"AcquisitionTime": "13:18:28.365000",
	"AcquisitionNumber": 1,
	"SliceThickness": 2,
	"SpacingBetweenSlices": 2,
	"SAR": 0.786966,
	"EchoTime": 0.089,
	"RepetitionTime": 4.4,
	"SpoilingState": true,
	"FlipAngle": 90,
	"PartialFourier": 0.875,
	"BaseResolution": 108,
	"ShimSetting": [
		255,
		4473,
		6074,
		502,
		-73,
		-92,
		109,
		46	],
	"DiffusionScheme": "Bipolar",
	"TxRefAmp": 217.125,
	"PhaseResolution": 1,
	"ReceiveCoilName": "Head_32",
	"ReceiveCoilActiveElements": "HEA;HEP",
	"PulseSequenceDetails": "%CustomerSeq%\\ep2d_diff_sms_abcd",
	"WipMemBlock": "33e8c77f-0176-45c3-9ec4-ea385048e0f7",
	"RefLinesPE": 32,
	"CoilCombinationMethod": "Adaptive Combine",
	"ConsistencyInfo": "N4_VE11C_LATEST_20160120",
	"MultibandAccelerationFactor": 2,
	"PercentPhaseFOV": 100,
	"PercentSampling": 100,
	"EchoTrainLength": 46,
	"PhaseEncodingSteps": 93,
	"AcquisitionMatrixPE": 108,
	"ReconMatrixPE": 108,
	"BandwidthPerPixelPhaseEncode": 26.838,
	"ParallelReductionFactorInPlane": 2,
	"EffectiveEchoSpacing": 0.000345006,
	"DerivedVendorReportedEchoSpacing": 0.000690011,
	"TotalReadoutTime": 0.0369156,
	"PixelBandwidth": 1655,
	"DwellTime": 2.8e-06,
	"PhaseEncodingDirection": "j",
	"SliceTiming": [
		2.125,
		0,
		2.26562,
		0.125,
		2.39062,
		0.25,
		2.51562,
		0.375,
		2.64062,
		0.5,
		2.76562,
		0.625,
		2.89062,
		0.75,
		3.01562,
		0.875,
		3.14062,
		1,
		3.26562,
		1.125,
		3.39062,
		1.25,
		3.51562,
		1.375,
		3.64062,
		1.5,
		3.76562,
		1.625,
		3.89062,
		1.75,
		4.01562,
		1.875,
		4.14062,
		2,
		4.26562,
		2.125,
		0,
		2.26562,
		0.125,
		2.39062,
		0.25,
		2.51562,
		0.375,
		2.64062,
		0.5,
		2.76562,
		0.625,
		2.89062,
		0.75,
		3.01562,
		0.875,
		3.14062,
		1,
		3.26562,
		1.125,
		3.39062,
		1.25,
		3.51562,
		1.375,
		3.64062,
		1.5,
		3.76562,
		1.625,
		3.89062,
		1.75,
		4.01562,
		1.875,
		4.14062,
		2,
		4.26562	],
	"ImageOrientationPatientDICOM": [
		0.990028,
		0.111491,
		0.0861091,
		-0.0993415,
		0.985937,
		-0.134385	],
	"ImageOrientationText": "Tra>Cor(-7.2)>Sag(5.7)",
	"InPlanePhaseEncodingDirectionDICOM": "COL",
	"ConversionSoftware": "dcm2niix",
	"ConversionSoftwareVersion": "v1.0.20230411"
}
