{
	"Modality": "MR",
	"MagneticFieldStrength": 3,
	"ImagingFrequency": 123.245967,
	"Manufacturer": "Siemens",
	"ManufacturersModelName": "Prisma_fit",
	"InstitutionName": "CBS Neuroimaging",
	"InstitutionalDepartmentName": "Department",
	"InstitutionAddress": "Oxford 52,Cambridge,MA,US,02138",
	"DeviceSerialNumber": "67056",
	"StationName": "AWP67056",
	"BodyPartExamined": "BRAIN",
	"PatientPosition": "HFS",
	"ProcedureStepDescription": "Investigators^Gaab",
	"SoftwareVersions": "syngo MR E11",
	"MRAcquisitionType": "2D",
	"SeriesDescription": "SMS2_DTI_PA",
	"ProtocolName": "SMS2_DTI_PA",
	"ScanningSequence": "EP",
	"SequenceVariant": "SK\\SP",
	"ScanOptions": "PFP\\FS",
	"SequenceName": "ep_b0",
	"ImageType": ["ORIGINAL", "PRIMARY", "DIFFUSION", "NONE", "ND", "NORM"],
	"NonlinearGradientCorrection": false,
	"SeriesNumber": 34,
	"AcquisitionTime": "12:02:20.417500",
	"AcquisitionNumber": 1,
	"SliceThickness": 2,
	"SpacingBetweenSlices": 2,
	"SAR": 0.721915,
	"EchoTime": 0.089,
	"RepetitionTime": 4.4,
	"SpoilingState": true,
	"FlipAngle": 90,
	"PartialFourier": 0.875,
	"BaseResolution": 108,
	"ShimSetting": [
		283,
		4469,
		6069,
		504,
		-14,
		-291,
		47,
		-75	],
	"DiffusionScheme": "Bipolar",
	"TxRefAmp": 216.06,
	"PhaseResolution": 1,
	"ReceiveCoilName": "Head_32",
	"ReceiveCoilActiveElements": "HEA;HEP",
	"PulseSequenceDetails": "%CustomerSeq%\\ep2d_diff_sms_abcd",
	"WipMemBlock": "af41c359-ea5f-4f8d-a97e-23df41e9bec0",
	"RefLinesPE": 32,
	"CoilCombinationMethod": "Adaptive Combine",
	"ConsistencyInfo": "N4_VE11C_LATEST_20160120",
	"MultibandAccelerationFactor": 2,
	"PercentPhaseFOV": 100,
	"PercentSampling": 100,
	"EchoTrainLength": 46,
	"PhaseEncodingSteps": 93,
	"AcquisitionMatrixPE": 108,
	"ReconMatrixPE": 108,
	"BandwidthPerPixelPhaseEncode": 26.838,
	"ParallelReductionFactorInPlane": 2,
	"EffectiveEchoSpacing": 0.000345006,
	"DerivedVendorReportedEchoSpacing": 0.000690011,
	"TotalReadoutTime": 0.0369156,
	"PixelBandwidth": 1655,
	"DwellTime": 2.8e-06,
	"PhaseEncodingDirection": "j",
	"SliceTiming": [
		2.125,
		0,
		2.25,
		0.125,
		2.375,
		0.25,
		2.5,
		0.375,
		2.625,
		0.5,
		2.75,
		0.625,
		2.875,
		0.75,
		3,
		0.875,
		3.125,
		1,
		3.25,
		1.125,
		3.375,
		1.25,
		3.5,
		1.375,
		3.625,
		1.5,
		3.75781,
		1.625,
		3.88281,
		1.75,
		4.00781,
		1.875,
		4.13281,
		2,
		4.25781,
		2.125,
		0,
		2.25,
		0.125,
		2.375,
		0.25,
		2.5,
		0.375,
		2.625,
		0.5,
		2.75,
		0.625,
		2.875,
		0.75,
		3,
		0.875,
		3.125,
		1,
		3.25,
		1.125,
		3.375,
		1.25,
		3.5,
		1.375,
		3.625,
		1.5,
		3.75781,
		1.625,
		3.88281,
		1.75,
		4.00781,
		1.875,
		4.13281,
		2,
		4.25781	],
	"ImageOrientationPatientDICOM": [
		0.993289,
		0.0755209,
		0.0876001,
		-0.0944182,
		0.966906,
		0.237019	],
	"ImageOrientationText": "Tra>Cor(14.1)>Sag(3.8)",
	"InPlanePhaseEncodingDirectionDICOM": "COL",
	"ConversionSoftware": "dcm2niix",
	"ConversionSoftwareVersion": "v1.0.20230411"
}
