{
	"Modality": "MR",
	"MagneticFieldStrength": 3,
	"ImagingFrequency": 123.259195,
	"Manufacturer": "Siemens",
	"ManufacturersModelName": "TrioTim",
	"InstitutionName": "anon",
	"InstitutionalDepartmentName": "Department",
	"InstitutionAddress": "anon",
	"DeviceSerialNumber": "35201",
	"StationName": "MRC35201",
	"PatientPosition": "HFS",
	"ProcedureStepDescription": "MR-EI Neuro",
	"SoftwareVersions": "syngo MR B17",
	"MRAcquisitionType": "2D",
	"SeriesDescription": "SMS2_Diff_PA",
	"ProtocolName": "SMS2_Diff_PA",
	"ScanningSequence": "EP",
	"SequenceVariant": "SK\\SP",
	"ScanOptions": "PFP\\FS",
	"SequenceName": "ep_b0",
	"ImageType": ["ORIGINAL", "PRIMARY", "DIFFUSION", "NONE", "ND", "NORM"],
	"NonlinearGradientCorrection": false,
	"SeriesNumber": 16,
	"AcquisitionNumber": 1,
	"ImageComments": "32ch head coil",
	"SliceThickness": 2,
	"SpacingBetweenSlices": 2,
	"SAR": 0.529086,
	"EchoTime": 0.089,
	"RepetitionTime": 4.4,
	"SpoilingState": true,
	"FlipAngle": 90,
	"CoilString": "C:HEA;HEP",
	"PercentPhaseFOV": 100,
	"PercentSampling": 100,
	"PhaseEncodingSteps": 93,
	"AcquisitionMatrixPE": 108,
	"ReconMatrixPE": 108,
	"BandwidthPerPixelPhaseEncode": 26.838,
	"ParallelReductionFactorInPlane": 2,
	"EffectiveEchoSpacing": 0.000345006,
	"DerivedVendorReportedEchoSpacing": 0.000690011,
	"TotalReadoutTime": 0.0369156,
	"PixelBandwidth": 1653,
	"PhaseEncodingDirection": "j",
	"SliceTiming": [
		4.32812,
		0,
		4.45312,
		0.125,
		4.57812,
		0.25,
		4.70312,
		0.375,
		4.82812,
		0.5,
		4.95312,
		0.625,
		5.07812,
		0.75,
		5.20312,
		0.875,
		5.3125,
		1,
		5.4375,
		1.10938,
		5.5625,
		1.23438,
		5.6875,
		1.35938,
		5.8125,
		1.48438,
		5.9375,
		1.60938,
		6.0625,
		1.73438,
		6.1875,
		1.85938,
		6.3125,
		1.98438,
		6.4375,
		2.10938,
		6.5625,
		2.23438,
		6.67188,
		2.35938,
		6.79688,
		2.48438,
		6.92188,
		2.60938,
		7.04688,
		2.71875,
		7.17188,
		2.84375,
		7.29688,
		2.96875,
		7.42188,
		3.09375,
		7.54688,
		3.21875,
		7.67188,
		3.34375,
		7.79688,
		3.46875,
		7.92188,
		3.59375,
		8.04688,
		3.71875,
		8.15625,
		3.84375,
		8.28125,
		3.95312,
		8.40625,
		4.07812,
		8.53125,
		4.20312	],
	"ImageOrientationPatientDICOM": [
		1,
		0,
		0,
		0,
		1,
		0	],
	"ImageOrientationText": "Tra",
	"InPlanePhaseEncodingDirectionDICOM": "COL",
	"ConversionSoftware": "dcm2niix",
	"ConversionSoftwareVersion": "v1.0.20230411"
}
