{
	"Modality": "MR",
	"MagneticFieldStrength": 3,
	"ImagingFrequency": 123.246113,
	"Manufacturer": "Siemens",
	"ManufacturersModelName": "Prisma_fit",
	"InstitutionName": "CBS Neuroimaging",
	"InstitutionalDepartmentName": "Department",
	"InstitutionAddress": "Oxford 52,Cambridge,MA,US,02138",
	"DeviceSerialNumber": "67056",
	"StationName": "AWP67056",
	"BodyPartExamined": "BRAIN",
	"PatientPosition": "HFS",
	"ProcedureStepDescription": "Investigators^Gaab",
	"SoftwareVersions": "syngo MR E11",
	"MRAcquisitionType": "2D",
	"SeriesDescription": "SMS2_DTI_PA",
	"ProtocolName": "SMS2_DTI_PA",
	"ScanningSequence": "EP",
	"SequenceVariant": "SK\\SP",
	"ScanOptions": "PFP\\FS",
	"SequenceName": "ep_b0",
	"ImageType": ["ORIGINAL", "PRIMARY", "DIFFUSION", "NONE", "ND", "NORM"],
	"NonlinearGradientCorrection": false,
	"SeriesNumber": 31,
	"AcquisitionTime": "12:12:46.450000",
	"AcquisitionNumber": 1,
	"SliceThickness": 2,
	"SpacingBetweenSlices": 2,
	"SAR": 0.459058,
	"EchoTime": 0.089,
	"RepetitionTime": 4.4,
	"SpoilingState": true,
	"FlipAngle": 90,
	"PartialFourier": 0.875,
	"BaseResolution": 108,
	"ShimSetting": [
		229,
		4434,
		6160,
		604,
		48,
		-308,
		188,
		14	],
	"DiffusionScheme": "Bipolar",
	"TxRefAmp": 215.779,
	"PhaseResolution": 1,
	"ReceiveCoilName": "Head_32",
	"ReceiveCoilActiveElements": "HEA;HEP",
	"PulseSequenceDetails": "%CustomerSeq%\\ep2d_diff_sms_abcd",
	"WipMemBlock": "00ae5be8-922f-4c21-897d-e108efe07ba5",
	"RefLinesPE": 32,
	"CoilCombinationMethod": "Adaptive Combine",
	"ConsistencyInfo": "N4_VE11C_LATEST_20160120",
	"MultibandAccelerationFactor": 2,
	"PercentPhaseFOV": 100,
	"PercentSampling": 100,
	"EchoTrainLength": 46,
	"PhaseEncodingSteps": 93,
	"AcquisitionMatrixPE": 108,
	"ReconMatrixPE": 108,
	"BandwidthPerPixelPhaseEncode": 26.838,
	"ParallelReductionFactorInPlane": 2,
	"EffectiveEchoSpacing": 0.000345006,
	"DerivedVendorReportedEchoSpacing": 0.000690011,
	"TotalReadoutTime": 0.0369156,
	"PixelBandwidth": 1655,
	"DwellTime": 2.8e-06,
	"PhaseEncodingDirection": "j",
	"SliceTiming": [
		2.13281,
		0,
		2.25781,
		0.125,
		2.38281,
		0.25,
		2.50781,
		0.375,
		2.63281,
		0.5,
		2.75781,
		0.625,
		2.88281,
		0.75,
		3.00781,
		0.875,
		3.13281,
		1,
		3.25781,
		1.13281,
		3.38281,
		1.25781,
		3.50781,
		1.38281,
		3.63281,
		1.50781,
		3.75781,
		1.63281,
		3.88281,
		1.75781,
		4.00781,
		1.88281,
		4.13281,
		2.00781,
		4.25781,
		2.13281,
		0,
		2.25781,
		0.125,
		2.38281,
		0.25,
		2.50781,
		0.375,
		2.63281,
		0.5,
		2.75781,
		0.625,
		2.88281,
		0.75,
		3.00781,
		0.875,
		3.13281,
		1,
		3.25781,
		1.13281,
		3.38281,
		1.25781,
		3.50781,
		1.38281,
		3.63281,
		1.50781,
		3.75781,
		1.63281,
		3.88281,
		1.75781,
		4.00781,
		1.88281,
		4.13281,
		2.00781,
		4.25781	],
	"ImageOrientationPatientDICOM": [
		0.998186,
		-0.0354814,
		-0.0486436,
		0.0421854,
		0.988596,
		0.144564	],
	"ImageOrientationText": "Tra>Cor(8.4)>Sag(-2.5)",
	"InPlanePhaseEncodingDirectionDICOM": "COL",
	"ConversionSoftware": "dcm2niix",
	"ConversionSoftwareVersion": "v1.0.20230411"
}
