{
	"Modality": "MR",
	"MagneticFieldStrength": 3,
	"ImagingFrequency": 123.246321,
	"Manufacturer": "Siemens",
	"ManufacturersModelName": "Prisma_fit",
	"InstitutionName": "CBS Neuroimaging",
	"InstitutionalDepartmentName": "Department",
	"InstitutionAddress": "Oxford 52,Cambridge,MA,US,02138",
	"DeviceSerialNumber": "67056",
	"StationName": "AWP67056",
	"BodyPartExamined": "BRAIN",
	"PatientPosition": "HFS",
	"ProcedureStepDescription": "Investigators^Gaab",
	"SoftwareVersions": "syngo MR E11",
	"MRAcquisitionType": "2D",
	"SeriesDescription": "SMS2_DTI_PA",
	"ProtocolName": "SMS2_DTI_PA",
	"ScanningSequence": "EP",
	"SequenceVariant": "SK\\SP",
	"ScanOptions": "PFP\\FS",
	"SequenceName": "ep_b0",
	"ImageType": ["ORIGINAL", "PRIMARY", "DIFFUSION", "NONE", "ND", "NORM"],
	"NonlinearGradientCorrection": false,
	"SeriesNumber": 16,
	"AcquisitionTime": "11:06:4.402500",
	"AcquisitionNumber": 1,
	"SliceThickness": 2,
	"SpacingBetweenSlices": 2,
	"SAR": 0.399288,
	"EchoTime": 0.089,
	"RepetitionTime": 4.4,
	"SpoilingState": true,
	"FlipAngle": 90,
	"PartialFourier": 0.875,
	"BaseResolution": 108,
	"ShimSetting": [
		220,
		4425,
		6118,
		526,
		-2,
		-252,
		9,
		29	],
	"DiffusionScheme": "Bipolar",
	"TxRefAmp": 221.955,
	"PhaseResolution": 1,
	"ReceiveCoilName": "Head_32",
	"ReceiveCoilActiveElements": "HEA;HEP",
	"PulseSequenceDetails": "%CustomerSeq%\\ep2d_diff_sms_abcd",
	"WipMemBlock": "0e6af9b5-fad7-43af-9754-1b373b7c83bd",
	"RefLinesPE": 32,
	"CoilCombinationMethod": "Adaptive Combine",
	"ConsistencyInfo": "N4_VE11C_LATEST_20160120",
	"MultibandAccelerationFactor": 2,
	"PercentPhaseFOV": 100,
	"PercentSampling": 100,
	"EchoTrainLength": 46,
	"PhaseEncodingSteps": 93,
	"AcquisitionMatrixPE": 108,
	"ReconMatrixPE": 108,
	"BandwidthPerPixelPhaseEncode": 26.838,
	"ParallelReductionFactorInPlane": 2,
	"EffectiveEchoSpacing": 0.000345006,
	"DerivedVendorReportedEchoSpacing": 0.000690011,
	"TotalReadoutTime": 0.0369156,
	"PixelBandwidth": 1655,
	"DwellTime": 2.8e-06,
	"PhaseEncodingDirection": "j",
	"SliceTiming": [
		2.13281,
		0,
		2.25781,
		0.125,
		2.38281,
		0.25,
		2.50781,
		0.375,
		2.63281,
		0.5,
		2.75781,
		0.63281,
		2.88281,
		0.75781,
		3.00781,
		0.88281,
		3.13281,
		1.00781,
		3.25781,
		1.13281,
		3.38281,
		1.25781,
		3.50781,
		1.38281,
		3.63281,
		1.50781,
		3.75781,
		1.63281,
		3.88281,
		1.75781,
		4.00781,
		1.88281,
		4.13281,
		2.00781,
		4.25781,
		2.13281,
		0,
		2.25781,
		0.125,
		2.38281,
		0.25,
		2.50781,
		0.375,
		2.63281,
		0.5,
		2.75781,
		0.63281,
		2.88281,
		0.75781,
		3.00781,
		0.88281,
		3.13281,
		1.00781,
		3.25781,
		1.13281,
		3.38281,
		1.25781,
		3.50781,
		1.38281,
		3.63281,
		1.50781,
		3.75781,
		1.63281,
		3.88281,
		1.75781,
		4.00781,
		1.88281,
		4.13281,
		2.00781,
		4.25781	],
	"ImageOrientationPatientDICOM": [
		0.996737,
		-0.0807208,
		5.2e-14,
		0.0807208,
		0.996737,
		0	],
	"ImageOrientationText": "Tra",
	"InPlanePhaseEncodingDirectionDICOM": "COL",
	"ConversionSoftware": "dcm2niix",
	"ConversionSoftwareVersion": "v1.0.20230411"
}
