{
	"Modality": "MR",
	"MagneticFieldStrength": 3,
	"ImagingFrequency": 123.258692,
	"Manufacturer": "Siemens",
	"ManufacturersModelName": "TrioTim",
	"InstitutionName": "anon",
	"InstitutionalDepartmentName": "Department",
	"InstitutionAddress": "anon",
	"DeviceSerialNumber": "35201",
	"StationName": "MRC35201",
	"PatientPosition": "HFS",
	"ProcedureStepDescription": "MR-EI Neuro",
	"SoftwareVersions": "syngo MR B17",
	"MRAcquisitionType": "2D",
	"SeriesDescription": "SMS2_Diff_PA",
	"ProtocolName": "SMS2_Diff_PA",
	"ScanningSequence": "EP",
	"SequenceVariant": "SK\\SP",
	"ScanOptions": "PFP\\FS",
	"SequenceName": "ep_b0",
	"ImageType": ["ORIGINAL", "PRIMARY", "DIFFUSION", "NONE", "ND", "NORM"],
	"NonlinearGradientCorrection": false,
	"SeriesNumber": 19,
	"AcquisitionNumber": 1,
	"ImageComments": "32 CH HEAD COIL",
	"SliceThickness": 2,
	"SpacingBetweenSlices": 2,
	"SAR": 0.363091,
	"EchoTime": 0.089,
	"RepetitionTime": 4.4,
	"SpoilingState": true,
	"FlipAngle": 90,
	"CoilString": "C:HEA;HEP",
	"PercentPhaseFOV": 100,
	"PercentSampling": 100,
	"PhaseEncodingSteps": 93,
	"AcquisitionMatrixPE": 108,
	"ReconMatrixPE": 108,
	"BandwidthPerPixelPhaseEncode": 26.838,
	"ParallelReductionFactorInPlane": 2,
	"EffectiveEchoSpacing": 0.000345006,
	"DerivedVendorReportedEchoSpacing": 0.000690011,
	"TotalReadoutTime": 0.0369156,
	"PixelBandwidth": 1653,
	"PhaseEncodingDirection": "j",
	"SliceTiming": [
		4.32812,
		0,
		4.45312,
		0.125,
		4.5625,
		0.25,
		4.6875,
		0.35938,
		4.8125,
		0.48438,
		4.9375,
		0.60938,
		5.0625,
		0.73438,
		5.1875,
		0.85938,
		5.3125,
		0.98438,
		5.4375,
		1.10938,
		5.5625,
		1.23438,
		5.6875,
		1.35938,
		5.79688,
		1.48438,
		5.92188,
		1.60938,
		6.04688,
		1.73438,
		6.17188,
		1.85938,
		6.29688,
		1.96875,
		6.42188,
		2.09375,
		6.54688,
		2.21875,
		6.67188,
		2.34375,
		6.79688,
		2.46875,
		6.92188,
		2.59375,
		7.04688,
		2.71875,
		7.17188,
		2.84375,
		7.29688,
		2.96875,
		7.40625,
		3.09375,
		7.53125,
		3.20312,
		7.65625,
		3.32812,
		7.78125,
		3.45312,
		7.90625,
		3.57812,
		8.03125,
		3.70312,
		8.15625,
		3.82812,
		8.28125,
		3.95312,
		8.40625,
		4.07812,
		8.53125,
		4.20312	],
	"ImageOrientationPatientDICOM": [
		0.999828,
		0.0145967,
		-0.0114501,
		-0.0122158,
		0.982508,
		0.18582	],
	"ImageOrientationText": "Tra>Cor(10.7)>Sag(-0.8)",
	"InPlanePhaseEncodingDirectionDICOM": "COL",
	"ConversionSoftware": "dcm2niix",
	"ConversionSoftwareVersion": "v1.0.20230411"
}
