{
	"Modality": "MR",
	"MagneticFieldStrength": 3,
	"ImagingFrequency": 123.246098,
	"Manufacturer": "Siemens",
	"ManufacturersModelName": "Prisma_fit",
	"InstitutionName": "CBS Neuroimaging",
	"InstitutionalDepartmentName": "Department",
	"InstitutionAddress": "Oxford 52,Cambridge,MA,US,02138",
	"DeviceSerialNumber": "67056",
	"StationName": "AWP67056",
	"BodyPartExamined": "BRAIN",
	"PatientPosition": "HFS",
	"ProcedureStepDescription": "Investigators^Gaab",
	"SoftwareVersions": "syngo MR E11",
	"MRAcquisitionType": "2D",
	"SeriesDescription": "SMS2_DTI_PA",
	"ProtocolName": "SMS2_DTI_PA",
	"ScanningSequence": "EP",
	"SequenceVariant": "SK\\SP",
	"ScanOptions": "PFP\\FS",
	"SequenceName": "ep_b0",
	"ImageType": ["ORIGINAL", "PRIMARY", "DIFFUSION", "NONE", "ND", "NORM"],
	"NonlinearGradientCorrection": false,
	"SeriesNumber": 22,
	"AcquisitionTime": "11:23:28.370000",
	"AcquisitionNumber": 1,
	"SliceThickness": 2,
	"SpacingBetweenSlices": 2,
	"SAR": 0.423972,
	"EchoTime": 0.089,
	"RepetitionTime": 4.4,
	"SpoilingState": true,
	"FlipAngle": 90,
	"PartialFourier": 0.875,
	"BaseResolution": 108,
	"ShimSetting": [
		207,
		4512,
		6112,
		384,
		16,
		-66,
		3,
		32	],
	"DiffusionScheme": "Bipolar",
	"TxRefAmp": 214.488,
	"PhaseResolution": 1,
	"ReceiveCoilName": "Head_32",
	"ReceiveCoilActiveElements": "HEA;HEP",
	"PulseSequenceDetails": "%CustomerSeq%\\ep2d_diff_sms_abcd",
	"WipMemBlock": "583ebe65-c24a-4d97-9dde-5bb986102553",
	"RefLinesPE": 32,
	"CoilCombinationMethod": "Adaptive Combine",
	"ConsistencyInfo": "N4_VE11C_LATEST_20160120",
	"MultibandAccelerationFactor": 2,
	"PercentPhaseFOV": 100,
	"PercentSampling": 100,
	"EchoTrainLength": 46,
	"PhaseEncodingSteps": 93,
	"AcquisitionMatrixPE": 108,
	"ReconMatrixPE": 108,
	"BandwidthPerPixelPhaseEncode": 26.838,
	"ParallelReductionFactorInPlane": 2,
	"EffectiveEchoSpacing": 0.000345006,
	"DerivedVendorReportedEchoSpacing": 0.000690011,
	"TotalReadoutTime": 0.0369156,
	"PixelBandwidth": 1655,
	"DwellTime": 2.8e-06,
	"PhaseEncodingDirection": "j",
	"SliceTiming": [
		2.125,
		0,
		2.25,
		0.125,
		2.375,
		0.25,
		2.5,
		0.375,
		2.625,
		0.5,
		2.75,
		0.625,
		2.875,
		0.75,
		3,
		0.875,
		3.13281,
		1,
		3.25781,
		1.125,
		3.38281,
		1.25,
		3.50781,
		1.375,
		3.63281,
		1.5,
		3.75781,
		1.625,
		3.88281,
		1.75,
		4.00781,
		1.875,
		4.13281,
		2,
		4.25781,
		2.125,
		0,
		2.25,
		0.125,
		2.375,
		0.25,
		2.5,
		0.375,
		2.625,
		0.5,
		2.75,
		0.625,
		2.875,
		0.75,
		3,
		0.875,
		3.13281,
		1,
		3.25781,
		1.125,
		3.38281,
		1.25,
		3.50781,
		1.375,
		3.63281,
		1.5,
		3.75781,
		1.625,
		3.88281,
		1.75,
		4.00781,
		1.875,
		4.13281,
		2,
		4.25781	],
	"ImageOrientationPatientDICOM": [
		0.995032,
		-0.00427522,
		-0.0994656,
		0.000173721,
		0.999151,
		-0.0412075	],
	"ImageOrientationText": "Tra>Sag(-5.7)>Cor(-2.3)",
	"InPlanePhaseEncodingDirectionDICOM": "COL",
	"ConversionSoftware": "dcm2niix",
	"ConversionSoftwareVersion": "v1.0.20230411"
}
