{
	"Modality": "MR",
	"MagneticFieldStrength": 3,
	"ImagingFrequency": 123.246101,
	"Manufacturer": "Siemens",
	"ManufacturersModelName": "TrioTim",
	"InstitutionName": "anon",
	"InstitutionalDepartmentName": "Department",
	"InstitutionAddress": "anon",
	"DeviceSerialNumber": "35235",
	"StationName": "MRC35235",
	"PatientPosition": "HFS",
	"ProcedureStepDescription": "MR Experimental Imaging (EI)",
	"SoftwareVersions": "syngo MR B17",
	"MRAcquisitionType": "2D",
	"SeriesDescription": "SMS2_Diff_PA",
	"ProtocolName": "SMS2_Diff_PA",
	"ScanningSequence": "EP",
	"SequenceVariant": "SK\\SP",
	"ScanOptions": "PFP\\FS",
	"SequenceName": "ep_b0",
	"ImageType": ["ORIGINAL", "PRIMARY", "DIFFUSION", "NONE", "ND", "NORM"],
	"NonlinearGradientCorrection": false,
	"SeriesNumber": 7,
	"AcquisitionNumber": 1,
	"SliceThickness": 2,
	"SpacingBetweenSlices": 2,
	"SAR": 0.513149,
	"EchoTime": 0.088,
	"RepetitionTime": 4.435,
	"SpoilingState": true,
	"FlipAngle": 90,
	"CoilString": "C:HEA;HEP",
	"PercentPhaseFOV": 100,
	"PercentSampling": 100,
	"PhaseEncodingSteps": 78,
	"AcquisitionMatrixPE": 90,
	"ReconMatrixPE": 90,
	"BandwidthPerPixelPhaseEncode": 30.864,
	"ParallelReductionFactorInPlane": 2,
	"EffectiveEchoSpacing": 0.000360002,
	"DerivedVendorReportedEchoSpacing": 0.000720005,
	"TotalReadoutTime": 0.0320402,
	"PixelBandwidth": 1634,
	"PhaseEncodingDirection": "j",
	"SliceTiming": [
		4.21875,
		0,
		4.34375,
		0.125,
		4.46875,
		0.25,
		4.57812,
		0.35938,
		4.70312,
		0.48438,
		4.82812,
		0.60938,
		4.95312,
		0.73438,
		5.0625,
		0.84375,
		5.1875,
		0.96875,
		5.3125,
		1.09375,
		5.42188,
		1.21875,
		5.54688,
		1.32812,
		5.67188,
		1.45312,
		5.79688,
		1.57812,
		5.90625,
		1.6875,
		6.03125,
		1.8125,
		6.15625,
		1.9375,
		6.26562,
		2.04688,
		6.39062,
		2.17188,
		6.51562,
		2.29688,
		6.64062,
		2.42188,
		6.75,
		2.53125,
		6.875,
		2.65625,
		7,
		2.78125,
		7.10938,
		2.90625,
		7.23438,
		3.01562,
		7.35938,
		3.14062,
		7.48438,
		3.26562,
		7.59375,
		3.375,
		7.71875,
		3.5,
		7.84375,
		3.625,
		7.95312,
		3.73438,
		8.07812,
		3.85938,
		8.20312,
		3.98438,
		8.32812,
		4.10938	],
	"ImageOrientationPatientDICOM": [
		0.987592,
		0.156742,
		-0.00969058,
		-0.156419,
		0.987293,
		0.0280381	],
	"ImageOrientationText": "Tra>Cor(1.5)>Sag(-0.8)",
	"InPlanePhaseEncodingDirectionDICOM": "COL",
	"ConversionSoftware": "dcm2niix",
	"ConversionSoftwareVersion": "v1.0.20230411"
}
