{
	"Modality": "MR",
	"MagneticFieldStrength": 3,
	"ImagingFrequency": 123.258922,
	"Manufacturer": "Siemens",
	"ManufacturersModelName": "TrioTim",
	"InstitutionName": "anon",
	"InstitutionalDepartmentName": "Department",
	"InstitutionAddress": "anon",
	"DeviceSerialNumber": "35201",
	"StationName": "MRC35201",
	"PatientPosition": "HFS",
	"ProcedureStepDescription": "MR-EI Neuro",
	"SoftwareVersions": "syngo MR B17",
	"MRAcquisitionType": "2D",
	"SeriesDescription": "SMS2_Diff_PA",
	"ProtocolName": "SMS2_Diff_PA",
	"ScanningSequence": "EP",
	"SequenceVariant": "SK\\SP",
	"ScanOptions": "PFP\\FS",
	"SequenceName": "ep_b0",
	"ImageType": ["ORIGINAL", "PRIMARY", "DIFFUSION", "NONE", "ND", "NORM"],
	"NonlinearGradientCorrection": false,
	"SeriesNumber": 7,
	"AcquisitionNumber": 1,
	"SliceThickness": 2,
	"SpacingBetweenSlices": 2,
	"SAR": 0.669905,
	"EchoTime": 0.088,
	"RepetitionTime": 3.8,
	"SpoilingState": true,
	"FlipAngle": 90,
	"CoilString": "C:HEA;HEP",
	"PercentPhaseFOV": 100,
	"PercentSampling": 100,
	"PhaseEncodingSteps": 78,
	"AcquisitionMatrixPE": 90,
	"ReconMatrixPE": 90,
	"BandwidthPerPixelPhaseEncode": 30.864,
	"ParallelReductionFactorInPlane": 2,
	"EffectiveEchoSpacing": 0.000360002,
	"DerivedVendorReportedEchoSpacing": 0.000720005,
	"TotalReadoutTime": 0.0320402,
	"PixelBandwidth": 1634,
	"PhaseEncodingDirection": "j",
	"SliceTiming": [
		3.73438,
		0,
		3.85938,
		0.125,
		3.97656,
		0.24219,
		4.10156,
		0.36719,
		4.21875,
		0.48438,
		4.34375,
		0.60156,
		4.46094,
		0.72656,
		4.58594,
		0.84375,
		4.70312,
		0.96875,
		4.82031,
		1.08594,
		4.94531,
		1.21094,
		5.0625,
		1.32812,
		5.1875,
		1.45312,
		5.30469,
		1.57031,
		5.42188,
		1.6875,
		5.54688,
		1.8125,
		5.66406,
		1.92969,
		5.78906,
		2.05469,
		5.90625,
		2.17188,
		6.02344,
		2.28906,
		6.14844,
		2.41406,
		6.27344,
		2.53125,
		6.39062,
		2.65625,
		6.50781,
		2.77344,
		6.63281,
		2.89844,
		6.75,
		3.01562,
		6.875,
		3.13281,
		6.99219,
		3.25781,
		7.10938,
		3.375,
		7.23438,
		3.5,
		7.35156,
		3.61719	],
	"ImageOrientationPatientDICOM": [
		1,
		0,
		0,
		0,
		1,
		0	],
	"ImageOrientationText": "Tra",
	"InPlanePhaseEncodingDirectionDICOM": "COL",
	"ConversionSoftware": "dcm2niix",
	"ConversionSoftwareVersion": "v1.0.20230411"
}
