{
	"Modality": "MR",
	"MagneticFieldStrength": 3,
	"ImagingFrequency": 123.246259,
	"Manufacturer": "Siemens",
	"ManufacturersModelName": "Prisma_fit",
	"InstitutionName": "CBS Neuroimaging",
	"InstitutionalDepartmentName": "Department",
	"InstitutionAddress": "Oxford 52,Cambridge,MA,US,02138",
	"DeviceSerialNumber": "67056",
	"StationName": "AWP67056",
	"BodyPartExamined": "BRAIN",
	"PatientPosition": "HFS",
	"ProcedureStepDescription": "Investigators^Gaab",
	"SoftwareVersions": "syngo MR E11",
	"MRAcquisitionType": "2D",
	"SeriesDescription": "SMS2_DTI_PA",
	"ProtocolName": "SMS2_DTI_PA",
	"ScanningSequence": "EP",
	"SequenceVariant": "SK\\SP",
	"ScanOptions": "PFP\\FS",
	"SequenceName": "ep_b0",
	"ImageType": ["ORIGINAL", "PRIMARY", "DIFFUSION", "NONE", "ND", "NORM"],
	"NonlinearGradientCorrection": false,
	"SeriesNumber": 22,
	"AcquisitionTime": "16:14:45.447500",
	"AcquisitionNumber": 1,
	"SliceThickness": 2,
	"SpacingBetweenSlices": 2,
	"SAR": 0.521481,
	"EchoTime": 0.089,
	"RepetitionTime": 4.4,
	"SpoilingState": true,
	"FlipAngle": 90,
	"PartialFourier": 0.875,
	"BaseResolution": 108,
	"ShimSetting": [
		222,
		4422,
		6039,
		289,
		58,
		-161,
		-18,
		49	],
	"DiffusionScheme": "Bipolar",
	"TxRefAmp": 216.23,
	"PhaseResolution": 1,
	"ReceiveCoilName": "Head_32",
	"ReceiveCoilActiveElements": "HEA;HEP",
	"PulseSequenceDetails": "%CustomerSeq%\\ep2d_diff_sms_abcd",
	"WipMemBlock": "660f83d2-58cc-4e0d-99e8-f204dbf0d243",
	"RefLinesPE": 32,
	"CoilCombinationMethod": "Adaptive Combine",
	"ConsistencyInfo": "N4_VE11C_LATEST_20160120",
	"MultibandAccelerationFactor": 2,
	"PercentPhaseFOV": 100,
	"PercentSampling": 100,
	"EchoTrainLength": 46,
	"PhaseEncodingSteps": 93,
	"AcquisitionMatrixPE": 108,
	"ReconMatrixPE": 108,
	"BandwidthPerPixelPhaseEncode": 26.838,
	"ParallelReductionFactorInPlane": 2,
	"EffectiveEchoSpacing": 0.000345006,
	"DerivedVendorReportedEchoSpacing": 0.000690011,
	"TotalReadoutTime": 0.0369156,
	"PixelBandwidth": 1655,
	"DwellTime": 2.8e-06,
	"PhaseEncodingDirection": "j",
	"SliceTiming": [
		2.14062,
		0,
		2.26562,
		0.125,
		2.39062,
		0.25,
		2.51562,
		0.375,
		2.64062,
		0.5,
		2.76562,
		0.625,
		2.89062,
		0.76562,
		3.01562,
		0.89062,
		3.14062,
		1.01562,
		3.26562,
		1.14062,
		3.39062,
		1.26562,
		3.51562,
		1.39062,
		3.64062,
		1.51562,
		3.76562,
		1.64062,
		3.89062,
		1.76562,
		4.01562,
		1.89062,
		4.14062,
		2.01562,
		4.26562,
		2.14062,
		0,
		2.26562,
		0.125,
		2.39062,
		0.25,
		2.51562,
		0.375,
		2.64062,
		0.5,
		2.76562,
		0.625,
		2.89062,
		0.76562,
		3.01562,
		0.89062,
		3.14062,
		1.01562,
		3.26562,
		1.14062,
		3.39062,
		1.26562,
		3.51562,
		1.39062,
		3.64062,
		1.51562,
		3.76562,
		1.64062,
		3.89062,
		1.76562,
		4.01562,
		1.89062,
		4.14062,
		2.01562,
		4.26562	],
	"ImageOrientationPatientDICOM": [
		0.996572,
		0.0587928,
		-0.0582046,
		-0.0469971,
		0.981319,
		0.186558	],
	"ImageOrientationText": "Tra>Cor(10.6)>Sag(-3.9)",
	"InPlanePhaseEncodingDirectionDICOM": "COL",
	"ConversionSoftware": "dcm2niix",
	"ConversionSoftwareVersion": "v1.0.20230411"
}
