{
	"Modality": "MR",
	"MagneticFieldStrength": 3,
	"ImagingFrequency": 123.2592,
	"Manufacturer": "Siemens",
	"ManufacturersModelName": "TrioTim",
	"InstitutionName": "anon",
	"InstitutionalDepartmentName": "Department",
	"InstitutionAddress": "anon",
	"DeviceSerialNumber": "35201",
	"StationName": "MRC35201",
	"PatientPosition": "HFS",
	"ProcedureStepDescription": "MR-EI Neuro",
	"SoftwareVersions": "syngo MR B17",
	"MRAcquisitionType": "2D",
	"SeriesDescription": "SMS2_Diff_PA",
	"ProtocolName": "SMS2_Diff_PA",
	"ScanningSequence": "EP",
	"SequenceVariant": "SK\\SP",
	"ScanOptions": "PFP\\FS",
	"SequenceName": "ep_b0",
	"ImageType": ["ORIGINAL", "PRIMARY", "DIFFUSION", "NONE", "ND", "NORM"],
	"NonlinearGradientCorrection": false,
	"SeriesNumber": 7,
	"AcquisitionNumber": 1,
	"ImageComments": "32CH",
	"SliceThickness": 2,
	"SpacingBetweenSlices": 2,
	"SAR": 0.648501,
	"EchoTime": 0.088,
	"RepetitionTime": 3.8,
	"SpoilingState": true,
	"FlipAngle": 90,
	"CoilString": "C:HEA;HEP",
	"PercentPhaseFOV": 100,
	"PercentSampling": 100,
	"PhaseEncodingSteps": 78,
	"AcquisitionMatrixPE": 90,
	"ReconMatrixPE": 90,
	"BandwidthPerPixelPhaseEncode": 30.864,
	"ParallelReductionFactorInPlane": 2,
	"EffectiveEchoSpacing": 0.000360002,
	"DerivedVendorReportedEchoSpacing": 0.000720005,
	"TotalReadoutTime": 0.0320402,
	"PixelBandwidth": 1634,
	"PhaseEncodingDirection": "j",
	"SliceTiming": [
		3.73438,
		0,
		3.85938,
		0.11719,
		3.97656,
		0.24219,
		4.09375,
		0.35938,
		4.21875,
		0.48438,
		4.33594,
		0.60156,
		4.46094,
		0.72656,
		4.57812,
		0.84375,
		4.69531,
		0.96094,
		4.82031,
		1.08594,
		4.9375,
		1.20312,
		5.0625,
		1.32812,
		5.17969,
		1.44531,
		5.30469,
		1.5625,
		5.42188,
		1.6875,
		5.54688,
		1.80469,
		5.66406,
		1.92969,
		5.78125,
		2.04688,
		5.90625,
		2.17188,
		6.02344,
		2.28906,
		6.14844,
		2.40625,
		6.26562,
		2.53125,
		6.38281,
		2.64844,
		6.50781,
		2.77344,
		6.625,
		2.89062,
		6.75,
		3.00781,
		6.86719,
		3.13281,
		6.99219,
		3.25,
		7.10938,
		3.375,
		7.23438,
		3.49219,
		7.35156,
		3.61719	],
	"ImageOrientationPatientDICOM": [
		0.999994,
		-0.0034906,
		0,
		0.0034906,
		0.999994,
		0	],
	"ImageOrientationText": "Tra",
	"InPlanePhaseEncodingDirectionDICOM": "COL",
	"ConversionSoftware": "dcm2niix",
	"ConversionSoftwareVersion": "v1.0.20230411"
}
