{
	"Modality": "MR",
	"MagneticFieldStrength": 3,
	"ImagingFrequency": 123.259186,
	"Manufacturer": "Siemens",
	"ManufacturersModelName": "TrioTim",
	"InstitutionName": "anon",
	"InstitutionalDepartmentName": "Department",
	"InstitutionAddress": "anon",
	"DeviceSerialNumber": "35201",
	"StationName": "MRC35201",
	"PatientPosition": "HFS",
	"ProcedureStepDescription": "MR Experimental Imaging (EI)",
	"SoftwareVersions": "syngo MR B17",
	"MRAcquisitionType": "2D",
	"SeriesDescription": "SMS2_Diff_PA",
	"ProtocolName": "SMS2_Diff_PA",
	"ScanningSequence": "EP",
	"SequenceVariant": "SK\\SP",
	"ScanOptions": "PFP\\FS",
	"SequenceName": "ep_b0",
	"ImageType": ["ORIGINAL", "PRIMARY", "DIFFUSION", "NONE", "ND", "NORM"],
	"NonlinearGradientCorrection": false,
	"SeriesNumber": 11,
	"AcquisitionNumber": 1,
	"SliceThickness": 2,
	"SpacingBetweenSlices": 2,
	"SAR": 0.537666,
	"EchoTime": 0.089,
	"RepetitionTime": 4.4,
	"SpoilingState": true,
	"FlipAngle": 90,
	"CoilString": "C:HEA;HEP",
	"PercentPhaseFOV": 100,
	"PercentSampling": 100,
	"PhaseEncodingSteps": 93,
	"AcquisitionMatrixPE": 108,
	"ReconMatrixPE": 108,
	"BandwidthPerPixelPhaseEncode": 26.838,
	"ParallelReductionFactorInPlane": 2,
	"EffectiveEchoSpacing": 0.000345006,
	"DerivedVendorReportedEchoSpacing": 0.000690011,
	"TotalReadoutTime": 0.0369156,
	"PixelBandwidth": 1653,
	"PhaseEncodingDirection": "j",
	"SliceTiming": [
		4.32812,
		0,
		4.45312,
		0.125,
		4.57812,
		0.25,
		4.69531,
		0.375,
		4.82031,
		0.5,
		4.94531,
		0.625,
		5.07031,
		0.75,
		5.19531,
		0.86719,
		5.32031,
		0.99219,
		5.4375,
		1.11719,
		5.5625,
		1.24219,
		5.6875,
		1.36719,
		5.8125,
		1.48438,
		5.9375,
		1.60938,
		6.0625,
		1.73438,
		6.1875,
		1.85938,
		6.30469,
		1.98438,
		6.42969,
		2.10156,
		6.55469,
		2.22656,
		6.67969,
		2.35156,
		6.80469,
		2.47656,
		6.92188,
		2.60156,
		7.04688,
		2.72656,
		7.17188,
		2.84375,
		7.29688,
		2.96875,
		7.42188,
		3.09375,
		7.53906,
		3.21875,
		7.66406,
		3.34375,
		7.78906,
		3.46094,
		7.91406,
		3.58594,
		8.03906,
		3.71094,
		8.16406,
		3.83594,
		8.28125,
		3.96094,
		8.40625,
		4.07812,
		8.53125,
		4.20312	],
	"ImageOrientationPatientDICOM": [
		0.999903,
		0.00019491,
		-0.0139608,
		3.24724e-08,
		0.999903,
		0.0139622	],
	"ImageOrientationText": "Tra>Sag(-0.8)>Cor(0.8)",
	"InPlanePhaseEncodingDirectionDICOM": "COL",
	"ConversionSoftware": "dcm2niix",
	"ConversionSoftwareVersion": "v1.0.20230411"
}
