{
	"Modality": "MR",
	"MagneticFieldStrength": 3,
	"ImagingFrequency": 123.245881,
	"Manufacturer": "Siemens",
	"ManufacturersModelName": "Prisma_fit",
	"InstitutionName": "CBS Neuroimaging",
	"InstitutionalDepartmentName": "Department",
	"InstitutionAddress": "Oxford 52,Cambridge,MA,US,02138",
	"DeviceSerialNumber": "67056",
	"StationName": "AWP67056",
	"BodyPartExamined": "BRAIN",
	"PatientPosition": "HFS",
	"ProcedureStepDescription": "Investigators^Gaab",
	"SoftwareVersions": "syngo MR E11",
	"MRAcquisitionType": "2D",
	"SeriesDescription": "SMS2_DTI_PA",
	"ProtocolName": "SMS2_DTI_PA",
	"ScanningSequence": "EP",
	"SequenceVariant": "SK\\SP",
	"ScanOptions": "PFP\\FS",
	"SequenceName": "ep_b0",
	"ImageType": ["ORIGINAL", "PRIMARY", "DIFFUSION", "NONE", "ND", "NORM"],
	"NonlinearGradientCorrection": false,
	"SeriesNumber": 34,
	"AcquisitionTime": "17:15:49.510000",
	"AcquisitionNumber": 1,
	"SliceThickness": 2,
	"SpacingBetweenSlices": 2,
	"SAR": 0.706124,
	"EchoTime": 0.089,
	"RepetitionTime": 4.4,
	"SpoilingState": true,
	"FlipAngle": 90,
	"PartialFourier": 0.875,
	"BaseResolution": 108,
	"ShimSetting": [
		251,
		4442,
		6181,
		559,
		124,
		-65,
		242,
		-17	],
	"DiffusionScheme": "Bipolar",
	"TxRefAmp": 220.139,
	"PhaseResolution": 1,
	"ReceiveCoilName": "Head_32",
	"ReceiveCoilActiveElements": "HEA;HEP",
	"PulseSequenceDetails": "%CustomerSeq%\\ep2d_diff_sms_abcd",
	"WipMemBlock": "51234555-44c6-4d45-82b6-04f09f46e103",
	"RefLinesPE": 32,
	"CoilCombinationMethod": "Adaptive Combine",
	"ConsistencyInfo": "N4_VE11C_LATEST_20160120",
	"MultibandAccelerationFactor": 2,
	"PercentPhaseFOV": 100,
	"PercentSampling": 100,
	"EchoTrainLength": 46,
	"PhaseEncodingSteps": 93,
	"AcquisitionMatrixPE": 108,
	"ReconMatrixPE": 108,
	"BandwidthPerPixelPhaseEncode": 26.838,
	"ParallelReductionFactorInPlane": 2,
	"EffectiveEchoSpacing": 0.000345006,
	"DerivedVendorReportedEchoSpacing": 0.000690011,
	"TotalReadoutTime": 0.0369156,
	"PixelBandwidth": 1655,
	"DwellTime": 2.8e-06,
	"PhaseEncodingDirection": "j",
	"SliceTiming": [
		2.14062,
		0,
		2.26562,
		0.125,
		2.39062,
		0.25,
		2.51562,
		0.375,
		2.64062,
		0.5,
		2.76562,
		0.625,
		2.89062,
		0.75,
		3.01562,
		0.875,
		3.14062,
		1,
		3.26562,
		1.125,
		3.39062,
		1.25,
		3.51562,
		1.375,
		3.64062,
		1.5,
		3.76562,
		1.64062,
		3.89062,
		1.76562,
		4.01562,
		1.89062,
		4.14062,
		2.01562,
		4.26562,
		2.14062,
		0,
		2.26562,
		0.125,
		2.39062,
		0.25,
		2.51562,
		0.375,
		2.64062,
		0.5,
		2.76562,
		0.625,
		2.89062,
		0.75,
		3.01562,
		0.875,
		3.14062,
		1,
		3.26562,
		1.125,
		3.39062,
		1.25,
		3.51562,
		1.375,
		3.64062,
		1.5,
		3.76562,
		1.64062,
		3.89062,
		1.76562,
		4.01562,
		1.89062,
		4.14062,
		2.01562,
		4.26562	],
	"ImageOrientationPatientDICOM": [
		0.998643,
		0.00817397,
		-0.051443,
		0.0033116,
		0.975649,
		0.219311	],
	"ImageOrientationText": "Tra>Cor(12.7)>Sag(-3.0)",
	"InPlanePhaseEncodingDirectionDICOM": "COL",
	"ConversionSoftware": "dcm2niix",
	"ConversionSoftwareVersion": "v1.0.20230411"
}
