{
	"Modality": "MR",
	"MagneticFieldStrength": 3,
	"ImagingFrequency": 123.258723,
	"Manufacturer": "Siemens",
	"ManufacturersModelName": "TrioTim",
	"InstitutionName": "anon",
	"InstitutionalDepartmentName": "Department",
	"InstitutionAddress": "anon",
	"DeviceSerialNumber": "35201",
	"StationName": "MRC35201",
	"PatientPosition": "HFS",
	"ProcedureStepDescription": "MR Experimental Imaging (EI)",
	"SoftwareVersions": "syngo MR B17",
	"MRAcquisitionType": "2D",
	"SeriesDescription": "SMS2_Diff_PA",
	"ProtocolName": "SMS2_Diff_PA",
	"ScanningSequence": "EP",
	"SequenceVariant": "SK\\SP",
	"ScanOptions": "PFP\\FS",
	"SequenceName": "ep_b0",
	"ImageType": ["ORIGINAL", "PRIMARY", "DIFFUSION", "NONE", "ND", "NORM"],
	"NonlinearGradientCorrection": false,
	"SeriesNumber": 7,
	"AcquisitionNumber": 1,
	"SliceThickness": 2,
	"SpacingBetweenSlices": 2,
	"SAR": 0.693721,
	"EchoTime": 0.088,
	"RepetitionTime": 3.8,
	"SpoilingState": true,
	"FlipAngle": 90,
	"CoilString": "C:HEA;HEP",
	"PercentPhaseFOV": 100,
	"PercentSampling": 100,
	"PhaseEncodingSteps": 78,
	"AcquisitionMatrixPE": 90,
	"ReconMatrixPE": 90,
	"BandwidthPerPixelPhaseEncode": 30.864,
	"ParallelReductionFactorInPlane": 2,
	"EffectiveEchoSpacing": 0.000360002,
	"DerivedVendorReportedEchoSpacing": 0.000720005,
	"TotalReadoutTime": 0.0320402,
	"PixelBandwidth": 1634,
	"PhaseEncodingDirection": "j",
	"SliceTiming": [
		3.73438,
		0,
		3.85938,
		0.125,
		3.96875,
		0.23438,
		4.09375,
		0.35938,
		4.21875,
		0.48438,
		4.34375,
		0.59375,
		4.45312,
		0.71875,
		4.57812,
		0.84375,
		4.70312,
		0.96875,
		4.8125,
		1.07812,
		4.9375,
		1.20312,
		5.0625,
		1.32812,
		5.1875,
		1.4375,
		5.29688,
		1.5625,
		5.42188,
		1.6875,
		5.54688,
		1.8125,
		5.65625,
		1.92188,
		5.78125,
		2.04688,
		5.90625,
		2.17188,
		6.01562,
		2.28125,
		6.14062,
		2.40625,
		6.26562,
		2.53125,
		6.39062,
		2.65625,
		6.5,
		2.76562,
		6.625,
		2.89062,
		6.75,
		3.01562,
		6.875,
		3.125,
		6.98438,
		3.25,
		7.10938,
		3.375,
		7.23438,
		3.5,
		7.34375,
		3.60938	],
	"ImageOrientationPatientDICOM": [
		0.998599,
		0.0154003,
		-0.0506301,
		3.29439e-08,
		0.95672,
		0.291009	],
	"ImageOrientationText": "Tra>Cor(16.9)>Sag(-3.0)",
	"InPlanePhaseEncodingDirectionDICOM": "COL",
	"ConversionSoftware": "dcm2niix",
	"ConversionSoftwareVersion": "v1.0.20230411"
}
